PATH
  remote: .
  specs:
    client_search (0.1.0)

GEM
  remote: https://rubygems.org/
  specs:
    diff-lcs (1.5.1)
    rake (13.2.1)
    rspec (3.13.0)
      rspec-core (~> 3.13.0)
      rspec-expectations (~> 3.13.0)
      rspec-mocks (~> 3.13.0)
    rspec-core (3.13.0)
      rspec-support (~> 3.13.0)
    rspec-expectations (3.13.1)
      diff-lcs (>= 1.2.0, < 2.0)
      rspec-support (~> 3.13.0)
    rspec-mocks (3.13.1)
      diff-lcs (>= 1.2.0, < 2.0)
      rspec-support (~> 3.13.0)
    rspec-support (3.13.1)

PLATFORMS
  x86_64-darwin-21

DEPENDENCIES
  client_search!
  rake
  rspec

RUBY VERSION
   ruby 3.1.2p20

BUNDLED WITH
   2.4.7
