PATH
  remote: .
  specs:
    client_search (0.1.0)

GEM
  remote: https://rubygems.org/
  specs:

PLATFORMS
  x86_64-darwin-21

DEPENDENCIES
  client_search!

RUBY VERSION
   ruby 3.1.2p20

BUNDLED WITH
   2.4.7
